PATH
  remote: .
  specs:
    etwin (0.3.2)
      faraday (~> 1.3.0)
      sorbet-runtime (~> 0.5.6289)

GEM
  remote: https://rubygems.org/
  specs:
    ast (2.4.2)
    diff-lcs (1.4.4)
    faraday (1.3.0)
      faraday-net_http (~> 1.0)
      multipart-post (>= 1.2, < 3)
      ruby2_keywords
    faraday-net_http (1.0.1)
    io-console (0.5.8)
    irb (1.3.3)
      reline (>= 0.1.5)
    multipart-post (2.1.1)
    parallel (1.20.1)
    parser (3.0.0.0)
      ast (~> 2.4.1)
    rainbow (3.0.0)
    rake (13.0.3)
    regexp_parser (2.0.3)
    reline (0.2.3)
      io-console (~> 0.5)
    rexml (3.2.4)
    rspec (3.10.0)
      rspec-core (~> 3.10.0)
      rspec-expectations (~> 3.10.0)
      rspec-mocks (~> 3.10.0)
    rspec-core (3.10.1)
      rspec-support (~> 3.10.0)
    rspec-expectations (3.10.1)
      diff-lcs (>= 1.2.0, < 2.0)
      rspec-support (~> 3.10.0)
    rspec-mocks (3.10.2)
      diff-lcs (>= 1.2.0, < 2.0)
      rspec-support (~> 3.10.0)
    rspec-support (3.10.2)
    rubocop (1.10.0)
      parallel (~> 1.10)
      parser (>= 3.0.0.0)
      rainbow (>= 2.2.2, < 4.0)
      regexp_parser (>= 1.8, < 3.0)
      rexml
      rubocop-ast (>= 1.2.0, < 2.0)
      ruby-progressbar (~> 1.7)
      unicode-display_width (>= 1.4.0, < 3.0)
    rubocop-ast (1.4.1)
      parser (>= 2.7.1.5)
    rubocop-sorbet (0.5.1)
      rubocop
    ruby-debug-ide (0.7.2)
      rake (>= 0.8.1)
    ruby-progressbar (1.11.0)
    ruby2_keywords (0.0.4)
    sorbet (0.5.6289)
      sorbet-static (= 0.5.6289)
    sorbet-runtime (0.5.6289)
    sorbet-static (0.5.6289-universal-darwin-14)
    unicode-display_width (2.0.0)

PLATFORMS
  ruby

DEPENDENCIES
  etwin!
  irb (~> 1.3.3)
  rake (~> 13.0.3)
  rspec (~> 3.10.0)
  rubocop (~> 1.10.0)
  rubocop-sorbet (~> 0.5.1)
  ruby-debug-ide (~> 0.7.2)
  sorbet (~> 0.5.6289)

BUNDLED WITH
   2.1.4
